GIT
  remote: https://github.com/evtik/codebreikar
  revision: 189e93e8608b6f7ea56c6423e75815197de9b052
  specs:
    codebreaker (0.1.0)

PATH
  remote: .
  specs:
    codebreaker_rack (0.1.0)

GEM
  remote: https://rubygems.org/
  specs:
    rack (2.0.1)
    rake (10.5.0)
    slim (3.0.7)
      temple (~> 0.7.6)
      tilt (>= 1.3.3, < 2.1)
    temple (0.7.7)
    tilt (2.0.5)

PLATFORMS
  x64-mingw32

DEPENDENCIES
  bundler (~> 1.13)
  codebreaker!
  codebreaker_rack!
  rack
  rake (~> 10.0)
  slim

BUNDLED WITH
   1.13.6
